GEM
  remote: https://rubygems.org/
  specs:
    addressable (2.8.6)
      public_suffix (>= 2.0.2, < 6.0)
    cgi (0.4.1)
    colorator (1.1.0)
    concurrent-ruby (1.2.3)
    digest (3.2.0)
    em-websocket (0.5.3)
      eventmachine (>= 0.12.9)
      http_parser.rb (~> 0)
    erb (4.0.4)
      cgi (>= 0.3.3)
    eventmachine (1.2.7)
    ffi (1.16.3)
    forwardable-extended (2.6.0)
    google-protobuf (3.25.3-arm64-darwin)
    google-protobuf (3.25.3-x86_64-linux)
    http_parser.rb (0.8.0)
    i18n (1.14.5)
      concurrent-ruby (~> 1.0)
    jekyll (4.3.3)
      addressable (~> 2.4)
      colorator (~> 1.0)
      em-websocket (~> 0.5)
      i18n (~> 1.0)
      jekyll-sass-converter (>= 2.0, < 4.0)
      jekyll-watch (~> 2.0)
      kramdown (~> 2.3, >= 2.3.1)
      kramdown-parser-gfm (~> 1.0)
      liquid (~> 4.0)
      mercenary (>= 0.3.6, < 0.5)
      pathutil (~> 0.9)
      rouge (>= 3.0, < 5.0)
      safe_yaml (~> 1.0)
      terminal-table (>= 1.8, < 4.0)
      webrick (~> 1.7)
    jekyll-content-security-policy-generator (1.6.15)
      digest
      jekyll
      nokogiri
    jekyll-drawio (1.1.1)
      erb (>= 2.2, < 5.0)
      jekyll (~> 4.3)
      nokogiri (~> 1.12)
    jekyll-feed (0.17.0)
      jekyll (>= 3.7, < 5.0)
    jekyll-include-cache (0.2.1)
      jekyll (>= 3.7, < 5.0)
    jekyll-sass-converter (3.0.0)
      sass-embedded (~> 1.54)
    jekyll-seo-tag (2.8.0)
      jekyll (>= 3.8, < 5.0)
    jekyll-sitemap (1.4.0)
      jekyll (>= 3.7, < 5.0)
    jekyll-watch (2.2.1)
      listen (~> 3.0)
    just-the-docs (0.8.2)
      jekyll (>= 3.8.5)
      jekyll-include-cache
      jekyll-seo-tag (>= 2.0)
      rake (>= 12.3.1)
    kramdown (2.4.0)
      rexml
    kramdown-parser-gfm (1.1.0)
      kramdown (~> 2.0)
    language_server-protocol (3.17.0.3)
    liquid (4.0.4)
    listen (3.9.0)
      rb-fsevent (~> 0.10, >= 0.10.3)
      rb-inotify (~> 0.9, >= 0.9.10)
    logger (1.6.0)
    mercenary (0.4.0)
    minima (2.5.1)
      jekyll (>= 3.5, < 5.0)
      jekyll-feed (~> 0.9)
      jekyll-seo-tag (~> 2.1)
    nokogiri (1.16.5-arm64-darwin)
      racc (~> 1.4)
    nokogiri (1.16.5-x86_64-linux)
      racc (~> 1.4)
    pathutil (0.16.2)
      forwardable-extended (~> 2.6)
    prism (0.30.0)
    public_suffix (5.0.5)
    racc (1.8.0)
    rake (13.2.1)
    rb-fsevent (0.11.2)
    rb-inotify (0.11.1)
      ffi (~> 1.0)
    rbs (3.5.1)
      logger
    rexml (3.3.6)
      strscan
    rouge (4.2.1)
    ruby-lsp (0.17.4)
      language_server-protocol (~> 3.17.0)
      prism (>= 0.29.0, < 0.31)
      rbs (>= 3, < 4)
      sorbet-runtime (>= 0.5.10782)
    safe_yaml (1.0.5)
    sass-embedded (1.69.5-arm64-darwin)
      google-protobuf (~> 3.23)
    sass-embedded (1.69.5-x86_64-linux-gnu)
      google-protobuf (~> 3.23)
    sorbet-runtime (0.5.11466)
    strscan (3.1.0)
    terminal-table (3.0.2)
      unicode-display_width (>= 1.1.1, < 3)
    unicode-display_width (2.5.0)
    webrick (1.8.1)

PLATFORMS
  arm64-darwin-23
  x86_64-linux

DEPENDENCIES
  http_parser.rb (~> 0.6.0)
  jekyll (~> 4.3.3)
  jekyll-content-security-policy-generator
  jekyll-drawio
  jekyll-feed (~> 0.12)
  jekyll-sitemap (~> 1.4)
  just-the-docs
  minima (~> 2.5)
  ruby-lsp
  tzinfo (>= 1, < 3)
  tzinfo-data
  wdm (~> 0.1.1)

BUNDLED WITH
   2.5.10
